GEM
  remote: https://rubygems.org/
  specs:
    bcrypt (3.1.13)
    clap (1.0.0)
    cuba (3.9.2)
      rack (>= 1.6.0)
    cuba-contrib (3.1.0)
      cuba (~> 3.1)
    cutest (1.2.3)
      clap
    mote (1.3.0)
    nio4r (2.5.2)
    pg (1.2.2)
    puma (4.3.5)
      nio4r (~> 2.0)
    rack (2.2.2)

PLATFORMS
  ruby

DEPENDENCIES
  bcrypt
  cuba
  cuba-contrib
  cutest
  mote
  pg
  puma

BUNDLED WITH
   2.1.4
