GEM
  remote: https://rubygems.org/
  specs:
    cuba (3.9.2)
      rack (>= 1.6.0)
    cuba-contrib (3.1.0)
      cuba (~> 3.1)
    mote (1.3.0)
    pg (1.2.2)
    rack (2.2.2)

PLATFORMS
  ruby

DEPENDENCIES
  cuba
  cuba-contrib
  mote
  pg

BUNDLED WITH
   2.0.2
