GEM
  remote: https://rubygems.org/
  specs:
    cuba (3.9.2)
      rack (>= 1.6.0)
    pg (1.2.2)
    rack (2.2.2)

PLATFORMS
  ruby

DEPENDENCIES
  cuba
  pg

BUNDLED WITH
   2.0.2
