GEM
  remote: https://rubygems.org/
  specs:
    bcrypt (3.1.13)
    clap (1.0.0)
    cuba (3.9.2)
      rack (>= 1.6.0)
    cuba-contrib (3.1.0)
      cuba (~> 3.1)
    cutest (1.2.3)
      clap
    fastimage (2.1.7)
    mini_portile2 (2.4.0)
    mote (1.3.0)
    nio4r (2.5.8)
    nokogiri (1.10.9)
      mini_portile2 (~> 2.4.0)
    pg (1.2.2)
    puma (4.3.9)
      nio4r (~> 2.0)
    rack (2.2.2)
    rack-test (1.1.0)
      rack (>= 1.0, < 3)
    rackstatic (0.1.4)
      nokogiri (>= 0.5.6)
      rack (>= 1.5.2)
      rack-test (>= 0.6.2)
    requests (1.0.2)

PLATFORMS
  ruby

DEPENDENCIES
  bcrypt
  cuba
  cuba-contrib
  cutest
  fastimage
  mote
  pg
  puma
  rackstatic
  requests

BUNDLED WITH
   2.1.4
